GIT
  remote: git@github.com:Thinkatomic/uberconnector.git
  revision: 820dbe7625c32f40a6c6abb84931e6d53bba68fd
  specs:
    uberconnector (0.0.5)
      activesupport
      rest-client

GEM
  remote: https://rubygems.org/
  specs:
    activesupport (4.0.1)
      i18n (~> 0.6, >= 0.6.4)
      minitest (~> 4.2)
      multi_json (~> 1.3)
      thread_safe (~> 0.1)
      tzinfo (~> 0.3.37)
    atomic (1.1.14)
    backports (3.3.5)
    eventmachine (1.0.3)
    faraday (0.8.8)
      multipart-post (~> 1.2.0)
    faraday_middleware (0.9.0)
      faraday (>= 0.7.4, < 0.9)
    hashie (2.0.5)
    http_parser.rb (0.5.3)
    i18n (0.6.5)
    json (1.8.1)
    mime-types (1.25)
    minitest (4.7.5)
    multi_json (1.8.2)
    multipart-post (1.2.0)
    rack (1.5.2)
    rack-protection (1.5.1)
      rack
    rack-test (0.6.2)
      rack (>= 1.0)
    rest-client (1.6.7)
      mime-types (>= 1.16)
    simple_oauth (0.1.9)
    sinatra (1.4.4)
      rack (~> 1.4)
      rack-protection (~> 1.4)
      tilt (~> 1.3, >= 1.3.4)
    sinatra-contrib (1.4.1)
      backports (>= 2.0)
      multi_json
      rack-protection
      rack-test
      sinatra (~> 1.4.0)
      tilt (~> 1.3)
    thread_safe (0.1.3)
      atomic
    tilt (1.4.1)
    tinder (1.9.3)
      eventmachine (~> 1.0)
      faraday (~> 0.8)
      faraday_middleware (~> 0.9)
      hashie (>= 1.0, < 3)
      json (~> 1.8.0)
      mime-types (~> 1.19)
      multi_json (~> 1.7)
      twitter-stream (~> 0.1)
    twitter-stream (0.1.16)
      eventmachine (>= 0.12.8)
      http_parser.rb (~> 0.5.1)
      simple_oauth (~> 0.1.4)
    tzinfo (0.3.38)

PLATFORMS
  ruby

DEPENDENCIES
  sinatra
  sinatra-contrib
  tinder
  uberconnector!
